GIT
  remote: https://github.com/chip-miller/alexa-rubykit.git
  revision: 5efa29670941ffd7a199f0877a7553733aabf55d
  specs:
    alexa_rubykit (1.3.0)
      bundler (~> 1.7)
      rake

GEM
  remote: https://rubygems.org/
  specs:
    coderay (1.1.1)
    connection_pool (2.2.1)
    daemons (1.2.4)
    dalli (2.7.6)
    diff-lcs (1.3)
    eventmachine (1.2.3)
    kgio (2.11.0)
    method_source (0.8.2)
    mini_portile2 (2.2.0)
    nokogiri (1.8.0)
      mini_portile2 (~> 2.2.0)
    oj (3.1.0)
    phantomjs (2.1.1.0)
    pry (0.10.4)
      coderay (~> 1.1.0)
      method_source (~> 0.8.1)
      slop (~> 3.4)
    puma (3.9.1)
    rack (2.0.3)
    rack-cors (0.4.1)
    rack-proxy (0.6.1)
      rack
    rack-reverse-proxy (0.12.0)
      rack (>= 1.0.0)
      rack-proxy (~> 0.6, >= 0.6.1)
    rack-ssl (1.4.1)
      rack
    rake (12.0.0)
    rspec (3.6.0)
      rspec-core (~> 3.6.0)
      rspec-expectations (~> 3.6.0)
      rspec-mocks (~> 3.6.0)
    rspec-core (3.6.0)
      rspec-support (~> 3.6.0)
    rspec-expectations (3.6.0)
      diff-lcs (>= 1.2.0, < 2.0)
      rspec-support (~> 3.6.0)
    rspec-mocks (3.6.0)
      diff-lcs (>= 1.2.0, < 2.0)
      rspec-support (~> 3.6.0)
    rspec-support (3.6.0)
    slop (3.6.0)
    thin (1.7.0)
      daemons (~> 1.0, >= 1.0.9)
      eventmachine (~> 1.0, >= 1.0.4)
      rack (>= 1, < 3)

PLATFORMS
  ruby

DEPENDENCIES
  alexa_rubykit!
  connection_pool
  dalli
  kgio
  nokogiri
  oj
  phantomjs
  pry
  puma
  rack
  rack-cors
  rack-reverse-proxy
  rack-ssl
  rake
  rspec
  thin

RUBY VERSION
   ruby 2.4.0p0

BUNDLED WITH
   1.15.1
