GEM
  remote: https://rubygems.org/
  specs:
    childprocess (0.7.0)
      ffi (~> 1.0, >= 1.0.11)
    coderay (1.1.1)
    daemons (1.2.4)
    eventmachine (1.2.3)
    ffi (1.9.18)
    method_source (0.8.2)
    mini_portile2 (2.2.0)
    nokogiri (1.8.0)
      mini_portile2 (~> 2.2.0)
    oj (3.1.0)
    phantomjs (2.1.1.0)
    pry (0.10.4)
      coderay (~> 1.1.0)
      method_source (~> 0.8.1)
      slop (~> 3.4)
    rack (2.0.3)
    rake (11.3.0)
    rubyzip (1.2.1)
    selenium-webdriver (3.4.0)
      childprocess (~> 0.5)
      rubyzip (~> 1.0)
      websocket (~> 1.0)
    slop (3.6.0)
    thin (1.7.0)
      daemons (~> 1.0, >= 1.0.9)
      eventmachine (~> 1.0, >= 1.0.4)
      rack (>= 1, < 3)
    watir (6.2.1)
      selenium-webdriver (~> 3.0)
    websocket (1.2.4)

PLATFORMS
  ruby

DEPENDENCIES
  nokogiri
  oj
  phantomjs
  pry
  rack
  rake
  thin
  watir

BUNDLED WITH
   1.14.6
